GEM
  remote: http://rubygems.org/
  specs:
    alsa-rawmidi (0.2.14)
      ffi (>= 1.0)
    diff-lcs (1.1.3)
    ffi (1.0.10)
    ffi-coremidi (0.1.4)
      ffi (>= 1.0)
    midi-jruby (0.0.11)
    midi-winmm (0.1.10)
      ffi (>= 1.0)
    rspec (2.7.0)
      rspec-core (~> 2.7.0)
      rspec-expectations (~> 2.7.0)
      rspec-mocks (~> 2.7.0)
    rspec-core (2.7.1)
    rspec-expectations (2.7.0)
      diff-lcs (~> 1.1.2)
    rspec-mocks (2.7.0)
    unimidi (0.3.1)
      ffi-coremidi

PLATFORMS
  ruby

DEPENDENCIES
  alsa-rawmidi
  midi-jruby
  midi-winmm
  rspec
  unimidi
