GEM
  remote: http://rubygems.org/
  specs:
    alsa-rawmidi (0.2.14)
      ffi (>= 1.0)
    diff-lcs (1.1.3)
    ffi (1.0.9)
    ffi-coremidi (0.1.0)
      ffi (>= 1.0)
    midi-jruby (0.0.11)
    midi-winmm (0.1.9)
      ffi (>= 1.0)
    rspec (2.6.0)
      rspec-core (~> 2.6.0)
      rspec-expectations (~> 2.6.0)
      rspec-mocks (~> 2.6.0)
    rspec-core (2.6.4)
    rspec-expectations (2.6.0)
      diff-lcs (~> 1.1.2)
    rspec-mocks (2.6.0)
    unimidi (0.2.2)
      ffi-coremidi

PLATFORMS
  ruby

DEPENDENCIES
  alsa-rawmidi
  midi-jruby
  midi-winmm
  rspec
  unimidi
